PATH
  remote: .
  specs:
    gem-orphan (0.0.5)

GEM
  remote: https://rubygems.org/
  specs:
    rake (10.4.2)

PLATFORMS
  ruby

DEPENDENCIES
  bundler (~> 1.9)
  gem-orphan!
  rake (~> 10.0)
